GEM
  remote: https://rubygems.org/
  specs:
    ast (2.4.0)
    awesome_print (1.8.0)
    better_errors (2.1.1)
      coderay (>= 1.0.0)
      erubis (>= 2.6.6)
      rack (>= 0.9.0)
    builder (3.2.3)
    byebug (10.0.1)
    coderay (1.1.1)
    database_cleaner (1.6.2)
    erubis (2.7.0)
    event_sourcery (0.17.0)
    event_sourcery-postgres (0.6.0)
      event_sourcery (>= 0.14.0)
      pg
      sequel (~> 4.38)
    foreman (0.84.0)
      thor (~> 0.19.1)
    mini_portile2 (2.3.0)
    minitest (5.11.3)
    mustermann (1.0.2)
    nokogiri (1.8.2)
      mini_portile2 (~> 2.3.0)
    parallel (1.12.1)
    parser (2.5.0.4)
      ast (~> 2.4.0)
    pg (1.0.0)
    powerpack (0.1.1)
    rack (2.0.4)
    rack-protection (2.0.1)
      rack
    rack-test (0.6.3)
      rack (>= 1.0)
    rainbow (3.0.0)
    rake (12.3.1)
    rubocop (0.54.0)
      parallel (~> 1.10)
      parser (>= 2.5)
      powerpack (~> 0.1)
      rainbow (>= 2.2.2, < 4.0)
      ruby-progressbar (~> 1.7)
      unicode-display_width (~> 1.0, >= 1.0.1)
    ruby-progressbar (1.9.0)
    ruby_kml (0.1.7)
      builder
      nokogiri
    semver (1.0.1)
    sequel (4.49.0)
    sinatra (2.0.1)
      mustermann (~> 1.0)
      rack (~> 2.0)
      rack-protection (= 2.0.1)
      tilt (~> 2.0)
    thor (0.19.4)
    tilt (2.0.8)
    unicode-display_width (1.3.0)

PLATFORMS
  ruby

DEPENDENCIES
  awesome_print
  better_errors
  byebug
  database_cleaner
  event_sourcery
  event_sourcery-postgres
  foreman
  minitest
  nokogiri
  rack-test
  rake
  rubocop
  ruby_kml
  semver
  sinatra

BUNDLED WITH
   1.16.1
