GEM
  remote: https://rubygems.org/
  specs:
    minitest (5.11.3)
    semver (1.0.1)

PLATFORMS
  ruby

DEPENDENCIES
  minitest
  semver

BUNDLED WITH
   1.16.1
