GEM
  remote: https://rubygems.org/
  specs:
    semver (1.0.1)

PLATFORMS
  ruby

DEPENDENCIES
  semver

BUNDLED WITH
   1.16.1
